GEM
  remote: http://rubygems.org/
  specs:
    facter (1.6.2)
    metaclass (0.0.1)
    mocha (0.10.0)
      metaclass (~> 0.0.1)
    parseconfig (0.5.2)
    puppet (2.7.6)
      facter (>= 1.5.1)
    rack (1.3.5)
    rack-test (0.6.1)
      rack (>= 1.0)
    rake (0.9.2.2)
    test-unit (2.4.0)

PLATFORMS
  ruby

DEPENDENCIES
  mocha
  parseconfig
  puppet (>= 2.7.0)
  rack
  rack-test
  rake
  test-unit
