GEM
  remote: http://rubygems.org/
  specs:
    facter (1.6.2)
    puppet (2.7.6)
      facter (>= 1.5.1)
    rack (1.3.5)

PLATFORMS
  ruby

DEPENDENCIES
  puppet
  rack
