GEM
  remote: http://rubygems.org/
  specs:
    facter (1.6.18)
    hiera (1.1.2)
      json_pure
    json_pure (1.7.7)
    metaclass (0.0.1)
    mocha (0.13.3)
      metaclass (~> 0.0.1)
    parseconfig (1.0.2)
    puppet (3.1.1)
      facter (~> 1.6)
      hiera (~> 1.0)
    rack (1.5.2)
    rack-test (0.6.2)
      rack (>= 1.0)
    rake (10.0.4)
    test-unit (2.5.4)

PLATFORMS
  ruby

DEPENDENCIES
  mocha
  parseconfig
  puppet (>= 2.7.0)
  rack
  rack-test
  rake
  test-unit
